NUGET
  remote: https://nuget.org/api/v2
  specs:
    FAKE (3.7.8)
    FsPickler (1.0.3)
    FsUnit (1.3.0.1)
      NUnit (>= 2.6.3)
    NUnit (2.6.3)
    NUnit.Runners (2.6.3)
    Thespian.Core (0.1.0-alpha)
      FsPickler (>= 1.0.2)
    Unquote (2.2.2)
    Vagrant (0.2.7)
      FsPickler (>= 1.0.2)
