NUGET
  remote: https://nuget.org/api/v2
  specs:
    FAKE (3.36.0)
    FsCheck (2.0.4)
      FSharp.Core (>= 3.1.2.1)
    FSharp.Core (3.1.2.5)
    FsPickler (1.2.21)
    FsPickler.Json (1.2.21)
      FsPickler (1.2.21)
      Newtonsoft.Json (>= 6.0.5)
    FsUnit (1.3.0.1)
      NUnit (>= 2.6.3)
    Mono.Cecil (0.9.6.1)
    Newtonsoft.Json (7.0.1)
    NuGet.CommandLine (2.8.6)
    NUnit (2.6.4)
    NUnit.Runners (2.6.4)
    Streams (0.3.0)
    Streams.CSharp (0.3.0)
      Streams (0.3.0)
    Thespian.Core (0.1.4-alpha)
      FsPickler (>= 1.2.1)
    Unquote (3.0.0)
    Vagabond (0.7.6)
      FsPickler (>= 1.2.2 < 1.3.0)
      Mono.Cecil (0.9.6.1)
