REDIRECTS: ON
NUGET
  remote: https://www.nuget.org/api/v2
  specs:
    Argu (1.1.3)
    FAKE (4.17.1)
    FsCheck (2.2.4)
      FSharp.Core (>= 3.1.2.5)
    FSharp.Compiler.Service (1.3.1.2)
    FSharp.Core (4.0.0.1)
    FsPickler (1.8.0)
    FsPickler.Json (1.8.0)
      FsPickler (1.8.0)
      Newtonsoft.Json (>= 6.0.5)
    FsUnit (1.4.1)
      FSharp.Core (>= 3.1.2.5)
      NUnit (2.6.4)
    MathNet.Numerics (3.7.1)
      TaskParallelLibrary (>= 1.0.2856) - framework: net35
    MathNet.Numerics.FSharp (3.7.1)
      FSharp.Core (>= 3.1.2.1)
      MathNet.Numerics (3.7.1)
    MathNet.Numerics.MKL.Win-x64 (1.8.0)
      MathNet.Numerics (>= 2.4.0)
    Microsoft.Bcl (1.1.10)
      Microsoft.Bcl.Build (>= 1.0.14)
    Microsoft.Bcl.Build (1.0.21) - import_targets: false
    Microsoft.Net.Http (2.2.29)
      Microsoft.Bcl (>= 1.1.10)
      Microsoft.Bcl.Build (>= 1.0.14)
    Mono.Cecil (0.9.6.1)
    Newtonsoft.Json (8.0.2)
    NuGet.CommandLine (3.3.0)
    NUnit (2.6.4)
    NUnit.Runners (2.6.4)
    Octokit (0.17.0)
      Microsoft.Net.Http
    SourceLink.Fake (1.1.0)
    Streams (0.4.1)
    Streams.CSharp (0.4.1)
      Streams (0.4.1)
    System.Globalization (4.0.10) - framework: dnxcore50
      System.Runtime (>= 4.0.0) - framework: dnxcore50
    System.IO (4.0.10)
      System.Globalization (>= 4.0.0) - framework: dnxcore50
      System.Runtime (>= 4.0.20) - framework: dnxcore50
      System.Text.Encoding (>= 4.0.0) - framework: dnxcore50
      System.Text.Encoding (>= 4.0.10) - framework: dnxcore50
      System.Text.Encoding.Extensions (>= 4.0.0) - framework: dnxcore50
      System.Threading (>= 4.0.0) - framework: dnxcore50
      System.Threading.Tasks (>= 4.0.0) - framework: dnxcore50
    System.Private.Uri (4.0.0) - framework: dnxcore50
    System.Reflection (4.0.10)
      System.IO (>= 4.0.0) - framework: dnxcore50
      System.Reflection.Primitives (>= 4.0.0) - framework: dnxcore50
      System.Runtime (>= 4.0.20) - framework: dnxcore50
    System.Reflection.Primitives (4.0.0) - framework: dnxcore50
      System.Runtime (>= 4.0.0) - framework: dnxcore50
      System.Threading (>= 4.0.0) - framework: dnxcore50
    System.Runtime (4.0.20)
      System.Private.Uri (>= 4.0.0) - framework: dnxcore50
    System.Runtime.Loader (4.0.0-beta-23516)
      System.IO (>= 4.0.0)
      System.Reflection (>= 4.0.0)
      System.Runtime (>= 4.0.0)
    System.Text.Encoding (4.0.10) - framework: dnxcore50
      System.Runtime (>= 4.0.0) - framework: dnxcore50
    System.Text.Encoding.Extensions (4.0.10) - framework: dnxcore50
      System.Runtime (>= 4.0.0) - framework: dnxcore50
      System.Text.Encoding (>= 4.0.10) - framework: dnxcore50
    System.Threading (4.0.10) - framework: dnxcore50
      System.Runtime (>= 4.0.0) - framework: dnxcore50
      System.Threading.Tasks (>= 4.0.0) - framework: dnxcore50
    System.Threading.Tasks (4.0.10) - framework: dnxcore50
      System.Runtime (>= 4.0.0) - framework: dnxcore50
    TaskParallelLibrary (1.0.2856) - framework: net35
    Thespian (0.1.9-alpha)
      FsPickler (>= 1.8.0)
    Unquote (3.1.1)
    Vagabond (0.12.6)
      FsPickler (>= 1.8.0 < 1.9.0)
      Mono.Cecil (>= 0.9.6.1 < 0.9.7)
GITHUB
  remote: fsharp/FAKE
  specs:
    modules/Octokit/Octokit.fsx (e537d90b050d02cc287cb64e18b72a8b7e984805)
      Octokit