NUGET
  remote: https://nuget.org/api/v2
  specs:
    FAKE (3.7.4)
    FsPickler (1.0.2)
    FsUnit (1.3.0.1)
      NUnit (>= 2.6.3)
    NUnit (2.6.3)
    NUnit.Runners (2.6.3)
    Thespian (0.0.11-alpha)
      FsPickler (>= 0.9.11)
    Vagrant (0.2.6)
      FsPickler (>= 0.9.11)
