NUGET
  remote: https://nuget.org/api/v2
  specs:
    FAKE (4.1.3)
    FsCheck (2.0.6)
      FSharp.Core (>= 3.1.2.5)
    FSharp.Compiler.Service (1.3.1.2)
    FSharp.Core (4.0.0.1)
    FsPickler (1.3.2)
    FsPickler.Json (1.3.2)
      FsPickler (1.3.2)
      Newtonsoft.Json (>= 6.0.5)
    FsUnit (1.3.1.0)
      NUnit (2.6.4)
    Mono.Cecil (0.9.6.1)
    Newtonsoft.Json (7.0.1)
    NuGet.CommandLine (2.8.6)
    NUnit (2.6.4)
    NUnit.Runners (2.6.4)
    Streams (0.3.0)
    Streams.CSharp (0.3.0)
      Streams (0.3.0)
    Thespian.Core (0.1.5-alpha)
      FsPickler (>= 1.2.1)
    UnionArgParser (0.8.7)
    Unquote (3.0.0)
    Vagabond (0.8.5)
      FsPickler (>= 1.3.0 < 1.4.0)
      Mono.Cecil (0.9.6.1)
