REDIRECTS: ON
NUGET
  remote: https://nuget.org/api/v2
  specs:
    Argu (1.1.2)
    FAKE (4.7.2)
    FsCheck (2.1.0)
      FSharp.Core (>= 3.1.2.5)
    FSharp.Compiler.Service (1.3.1.2)
    FSharp.Core (4.0.0.1)
    FsPickler (1.5.2)
    FsPickler.Json (1.5.2)
      FsPickler (1.5.2)
      Newtonsoft.Json (>= 6.0.5)
    FsUnit (1.3.1)
      NUnit (2.6.4)
    MathNet.Numerics (3.7.1)
      TaskParallelLibrary (>= 1.0.2856) - framework: net35
    MathNet.Numerics.FSharp (3.7.1)
      FSharp.Core (>= 3.1.2.1)
      MathNet.Numerics (3.7.1)
    MathNet.Numerics.MKL.Win-x64 (1.8.0)
      MathNet.Numerics (>= 2.4.0)
    Mono.Cecil (0.9.6.1)
    Newtonsoft.Json (7.0.1)
    NuGet.CommandLine (2.8.6)
    NUnit (2.6.4)
    NUnit.Runners (2.6.4)
    Streams (0.4.0)
    Streams.CSharp (0.4.0)
      Streams (0.4.0)
    TaskParallelLibrary (1.0.2856) - framework: net35
    Thespian.Core (0.1.6-alpha)
      FsPickler (>= 1.2.1)
    Unquote (3.1.0)
    Vagabond (0.11.0)
      FsPickler (>= 1.5.0 < 2.0.0)
      Mono.Cecil (>= 0.9.6.1 < 0.9.7)
