NUGET
  remote: https://nuget.org/api/v2
  specs:
    FAKE (3.11.3)
    FsPickler (1.0.6)
    FsUnit (1.3.0.1)
      NUnit (>= 2.6.3)
    Microsoft.Data.Edm (5.6.3)
    Microsoft.Data.OData (5.6.3)
      Microsoft.Data.Edm (5.6.3)
      System.Spatial (5.6.3)
    Microsoft.Data.Services.Client (5.6.3) - net40
      Microsoft.Data.OData (5.6.3)
    Microsoft.WindowsAzure.ConfigurationManager (2.0.3) - net40
    Newtonsoft.Json (6.0.6) - net40
    NUnit (2.6.3)
    NUnit.Runners (2.6.3)
    System.Spatial (5.6.3)
    Thespian.Core (0.1.1-alpha)
      FsPickler (>= 1.0.2)
    Unquote (2.2.2)
    Vagrant (0.2.7)
      FsPickler (>= 1.0.2)
    WindowsAzure.Storage (4.3.0)
      Microsoft.Data.OData (>= 5.6.2)
      Microsoft.Data.OData (>= 5.6.2) - net40
      Microsoft.Data.OData (>= 5.6.2) - winv4.5
      Microsoft.Data.OData (>= 5.6.2) - wpv8.0
      Microsoft.Data.Services.Client (>= 5.6.2) - net40
      Microsoft.WindowsAzure.ConfigurationManager (>= 1.8.0.0) - net40
      Newtonsoft.Json (>= 5.0.8) - net40
      Newtonsoft.Json (>= 5.0.8) - wpv8.0
