NUGET
  remote: https://nuget.org/api/v2
  specs:
    FAKE (3.30.1)
    FsCheck (1.0.4)
    FSharp.Core (3.1.2.1)
    FsPickler (1.0.16)
    FsPickler.Json (1.0.16)
      FsPickler (1.0.16)
      Newtonsoft.Json (>= 6.0.5)
    FsUnit (1.3.0.1)
      NUnit (>= 2.6.3)
    Mono.Cecil (0.9.5.4)
    Newtonsoft.Json (6.0.8)
    NuGet.CommandLine (2.8.5)
    NUnit (2.6.3)
    NUnit.Runners (2.6.4)
    Streams (0.3.0)
    Streams.CSharp (0.3.0)
      Streams (0.3.0)
    Thespian.Core (0.1.1-alpha)
      FsPickler (>= 1.0.2)
    Unquote (2.2.2)
    Vagabond (0.6.4)
      FsPickler (>= 1.0.16)
      Mono.Cecil (>= 0.9.5.4)
